GEM
  remote: https://rubygems.org/
  specs:
    async_sinatra (1.0.0)
      rack (>= 1.4.1)
      sinatra (>= 1.3.2)
    kgio (2.8.0)
    newrelic_rpm (3.6.0.78)
    rack (1.5.2)
    rack-protection (1.5.0)
      rack
    raindrops (0.10.0)
    sinatra (1.4.2)
      rack (~> 1.5, >= 1.5.2)
      rack-protection (~> 1.4)
      tilt (~> 1.3, >= 1.3.4)
    tilt (1.3.6)
    unicorn (4.6.2)
      kgio (~> 2.6)
      rack
      raindrops (~> 0.7)

PLATFORMS
  ruby

DEPENDENCIES
  async_sinatra
  newrelic_rpm
  sinatra
  unicorn
